GEM
  remote: http://rubygems.org/
  specs:
    chunky_png (1.2.5)
    compass (0.11.7)
      chunky_png (~> 1.2)
      fssm (>= 0.2.7)
      sass (~> 3.1)
    dynamicmatic (0.1.0)
      sinatra (>= 0.10.1)
      staticmatic (>= 0.10.7)
    fssm (0.2.9)
    haml (3.1.4)
    maruku (0.6.0)
      syntax (>= 1.0.0)
    rack (1.4.1)
    rack-protection (1.2.0)
      rack
    rake (0.9.2.2)
    sass (3.1.16)
    sinatra (1.3.2)
      rack (~> 1.3, >= 1.3.6)
      rack-protection (~> 1.2)
      tilt (~> 1.3, >= 1.3.3)
    staticmatic (0.11.1)
      compass (>= 0.10.0)
      haml (>= 2.0.0)
      rack (>= 1.0)
    syntax (1.0.0)
    tilt (1.3.3)
    yard (0.7.5)

PLATFORMS
  ruby

DEPENDENCIES
  compass (= 0.11.7)
  dynamicmatic
  haml
  maruku
  rake
  sinatra
  yard
